PATH
  remote: .
  specs:
    slack_webhooks (0.0.6)
      slack-notifier (>= 0.5.1)

GEM
  remote: http://rubygems.org/
  specs:
    slack-notifier (1.1.0)

PLATFORMS
  ruby

DEPENDENCIES
  slack_webhooks!
